GEM
  remote: https://rubygems.org/
  specs:
    ast (2.4.2)
    coderay (1.1.3)
    dotenv (2.7.6)
    faraday (2.3.0)
      faraday-net_http (~> 2.0)
      ruby2_keywords (>= 0.0.4)
    faraday-mashify (0.1.0)
      faraday (~> 2.0)
      hashie
    faraday-multipart (1.0.4)
      multipart-post (~> 2)
    faraday-net_http (2.0.3)
    gli (2.21.0)
    hashie (5.0.0)
    json (2.6.2)
    method_source (1.0.0)
    multipart-post (2.2.3)
    parallel (1.22.1)
    parser (3.1.2.0)
      ast (~> 2.4.1)
    pry (0.14.1)
      coderay (~> 1.1)
      method_source (~> 1.0)
    rainbow (3.1.1)
    regexp_parser (2.5.0)
    rexml (3.2.5)
    rubocop (1.32.0)
      json (~> 2.3)
      parallel (~> 1.10)
      parser (>= 3.1.0.0)
      rainbow (>= 2.2.2, < 4.0)
      regexp_parser (>= 1.8, < 3.0)
      rexml (>= 3.2.5, < 4.0)
      rubocop-ast (>= 1.19.1, < 2.0)
      ruby-progressbar (~> 1.7)
      unicode-display_width (>= 1.4.0, < 3.0)
    rubocop-ast (1.19.1)
      parser (>= 3.1.1.0)
    ruby-progressbar (1.11.0)
    ruby2_keywords (0.0.5)
    slack-ruby-client (1.1.0)
      faraday (>= 2.0)
      faraday-mashify
      faraday-multipart
      gli
      hashie
      websocket-driver
    thor (1.2.1)
    unicode-display_width (2.2.0)
    websocket-driver (0.7.5)
      websocket-extensions (>= 0.1.0)
    websocket-extensions (0.1.5)

PLATFORMS
  x86_64-darwin-21

DEPENDENCIES
  dotenv
  pry
  rubocop
  slack-ruby-client
  thor

BUNDLED WITH
   2.3.18
